GEM
  remote: https://rubygems.org/
  specs:
    ascii-charts (0.9.3)
    colorize (0.8.1)
    terminal-table (1.8.0)
      unicode-display_width (~> 1.1, >= 1.1.1)
    unicode-display_width (1.7.0)

PLATFORMS
  ruby

DEPENDENCIES
  ascii-charts (~> 0.9.3)
  colorize (~> 0.8.1)
  terminal-table (~> 1.8)

BUNDLED WITH
   2.1.4
